PATH
  remote: .
  specs:
    denonandon (0.0)
      atomic

GEM
  remote: https://rubygems.org/
  specs:
    atomic (1.1.99)

PLATFORMS
  ruby

DEPENDENCIES
  atomic
  denonandon!
